GEM
  remote: https://rubygems.org/
  specs:
    addressable (2.4.0)
    escher (0.4.0)
      addressable (~> 2.3)
    escher-keypool (0.0.1)
    faraday (0.9.2)
      multipart-post (>= 1.2, < 3)
    faraday-cli (0.9.0)
      faraday
      pwd
    faraday_middleware-escher (0.3.3)
      escher
      faraday
    multipart-post (2.0.0)
    pwd (1.2.0)
    thor (0.19.1)

PLATFORMS
  ruby

DEPENDENCIES
  escher
  escher-keypool
  faraday-cli
  faraday_middleware-escher
  thor

BUNDLED WITH
   1.11.2
